GIT
  remote: git://github.com/svenfuchs/rails-i18n.git
  revision: c0927b490aa2ff9c536c15bcb2eebed77aa22e88
  branch: master
  specs:
    rails-i18n (5.0.0.beta3)
      i18n (~> 0.7)
      railties (~> 5.0.0.beta1)

GIT
  remote: https://github.com/bootstrap-ruby/will_paginate-bootstrap
  revision: 5fb486741b975f0971a7ab71bcb7b2b3162b5c0b
  specs:
    will_paginate-bootstrap (1.0.1)
      will_paginate (>= 3.0.3)

GIT
  remote: https://github.com/xzgyb/mongoid-for-rails5.git
  revision: cc1c46867f868239d44aa8f83c3a81587afd7f7b
  specs:
    mongoid (5.1.1)
      activemodel (= 5.0.0.beta3)
      mongo (~> 2.1)
      origin (~> 2.2)
      tzinfo (>= 0.3.37)

GEM
  remote: https://rubygems.org/
  specs:
    actioncable (5.0.0.beta3)
      actionpack (= 5.0.0.beta3)
      nio4r (~> 1.2)
      websocket-driver (~> 0.6.1)
    actionmailer (5.0.0.beta3)
      actionpack (= 5.0.0.beta3)
      actionview (= 5.0.0.beta3)
      activejob (= 5.0.0.beta3)
      mail (~> 2.5, >= 2.5.4)
      rails-dom-testing (~> 1.0, >= 1.0.5)
    actionpack (5.0.0.beta3)
      actionview (= 5.0.0.beta3)
      activesupport (= 5.0.0.beta3)
      rack (~> 2.x)
      rack-test (~> 0.6.3)
      rails-dom-testing (~> 1.0, >= 1.0.5)
      rails-html-sanitizer (~> 1.0, >= 1.0.2)
    actionview (5.0.0.beta3)
      activesupport (= 5.0.0.beta3)
      builder (~> 3.1)
      erubis (~> 2.7.0)
      rails-dom-testing (~> 1.0, >= 1.0.5)
      rails-html-sanitizer (~> 1.0, >= 1.0.2)
    activejob (5.0.0.beta3)
      activesupport (= 5.0.0.beta3)
      globalid (>= 0.3.6)
    activemodel (5.0.0.beta3)
      activesupport (= 5.0.0.beta3)
    activerecord (5.0.0.beta3)
      activemodel (= 5.0.0.beta3)
      activesupport (= 5.0.0.beta3)
      arel (~> 7.0)
    activesupport (5.0.0.beta3)
      concurrent-ruby (~> 1.0)
      i18n (~> 0.7)
      minitest (~> 5.1)
      tzinfo (~> 1.1)
    acts_as_votable (0.10.0)
    addressable (2.4.0)
    ansi (1.5.0)
    arel (7.0.0)
    ast (2.2.0)
    autoprefixer-rails (6.3.6)
      execjs
    bcrypt (3.1.11)
    bootstrap-sass (3.3.6)
      autoprefixer-rails (>= 5.2.1)
      sass (>= 3.3.4)
    bson (4.1.1)
    builder (3.2.2)
    byebug (8.2.5)
    coffee-rails (4.1.1)
      coffee-script (>= 2.2.0)
      railties (>= 4.0.0, < 5.1.x)
    coffee-script (2.4.1)
      coffee-script-source
      execjs
    coffee-script-source (1.10.0)
    concurrent-ruby (1.0.2)
    debug_inspector (0.0.2)
    devise (4.0.2)
      bcrypt (~> 3.0)
      orm_adapter (~> 0.1)
      railties (>= 4.1.0, < 5.1)
      responders
      warden (~> 1.2.3)
    erubis (2.7.0)
    ethon (0.9.0)
      ffi (>= 1.3.0)
    execjs (2.6.0)
    faker (1.6.3)
      i18n (~> 0.5)
    ffi (1.9.10)
    font-awesome-rails (4.6.1.0)
      railties (>= 3.2, < 5.1)
    gemoji (2.1.0)
    globalid (0.3.6)
      activesupport (>= 4.1.0)
    high_voltage (3.0.0)
    htmlentities (4.3.4)
    i18n (0.7.0)
    image_info (1.1.2)
      image_size
      typhoeus
    image_size (1.4.2)
    iso8601 (0.9.0)
    jbuilder (2.4.1)
      activesupport (>= 3.0.0, < 5.1)
      multi_json (~> 1.2)
    jquery-rails (4.1.1)
      rails-dom-testing (>= 1, < 3)
      railties (>= 4.2.0)
      thor (>= 0.14, < 2.0)
    json (1.8.3)
    link_thumbnailer (3.1.2)
      activesupport (>= 3.0)
      image_info (~> 1.0)
      json (~> 1.8, >= 1.7.7)
      net-http-persistent (~> 2.9)
      nokogiri (~> 1.6)
      rake (>= 0.9)
      video_info (~> 2.6)
    listen (3.0.7)
      rb-fsevent (>= 0.9.3)
      rb-inotify (>= 0.9.7)
    loofah (2.0.3)
      nokogiri (>= 1.5.9)
    mail (2.6.4)
      mime-types (>= 1.16, < 4)
    method_source (0.8.2)
    mime-types (3.0)
      mime-types-data (~> 3.2015)
    mime-types-data (3.2016.0221)
    mini_portile2 (2.0.0)
    minitest (5.8.4)
    mongo (2.2.5)
      bson (~> 4.0)
    multi_json (1.12.0)
    net-http-persistent (2.9.4)
    net_http_timeout_errors (0.3.0)
    nio4r (1.2.1)
    nokogiri (1.6.7.2)
      mini_portile2 (~> 2.0.0.rc2)
    oga (2.2)
      ast
      ruby-ll (~> 2.1)
    open_uri_redirections (0.2.1)
    origin (2.2.0)
    orm_adapter (0.5.0)
    puma (3.4.0)
    rack (2.0.0.alpha)
      json
    rack-test (0.6.3)
      rack (>= 1.0)
    rails (5.0.0.beta3)
      actioncable (= 5.0.0.beta3)
      actionmailer (= 5.0.0.beta3)
      actionpack (= 5.0.0.beta3)
      actionview (= 5.0.0.beta3)
      activejob (= 5.0.0.beta3)
      activemodel (= 5.0.0.beta3)
      activerecord (= 5.0.0.beta3)
      activesupport (= 5.0.0.beta3)
      bundler (>= 1.3.0, < 2.0)
      railties (= 5.0.0.beta3)
      sprockets-rails (>= 2.0.0)
    rails-deprecated_sanitizer (1.0.3)
      activesupport (>= 4.2.0.alpha)
    rails-dom-testing (1.0.7)
      activesupport (>= 4.2.0.beta, < 5.0)
      nokogiri (~> 1.6.0)
      rails-deprecated_sanitizer (>= 1.0.1)
    rails-html-sanitizer (1.0.3)
      loofah (~> 2.0)
    rails_12factor (0.0.2)
      rails_serve_static_assets
      rails_stdout_logging
    rails_serve_static_assets (0.0.5)
    rails_stdout_logging (0.0.5)
    railties (5.0.0.beta3)
      actionpack (= 5.0.0.beta3)
      activesupport (= 5.0.0.beta3)
      method_source
      rake (>= 0.8.7)
      thor (>= 0.18.1, < 2.0)
    rake (11.1.2)
    rb-fsevent (0.9.7)
    rb-inotify (0.9.7)
      ffi (>= 0.5.0)
    record_tag_helper (1.0.0)
      actionview (~> 5.x)
    responders (2.2.0)
      railties (>= 4.2.0, < 5.1)
    ruby-ll (2.1.2)
      ansi
      ast
    sass (3.4.22)
    sass-rails (5.0.4)
      railties (>= 4.0.0, < 5.0)
      sass (~> 3.1)
      sprockets (>= 2.8, < 4.0)
      sprockets-rails (>= 2.0, < 4.0)
      tilt (>= 1.1, < 3)
    simple_form (3.2.1)
      actionpack (> 4, < 5.1)
      activemodel (> 4, < 5.1)
    simple_hashtag (0.1.9)
      rails (> 3.2.0)
    spring (1.7.1)
    spring-watcher-listen (2.0.0)
      listen (>= 2.7, < 4.0)
      spring (~> 1.2)
    sprockets (3.6.0)
      concurrent-ruby (~> 1.0)
      rack (> 1, < 3)
    sprockets-rails (3.0.4)
      actionpack (>= 4.0)
      activesupport (>= 4.0)
      sprockets (>= 3.0.0)
    sqlite3 (1.3.11)
    statistics2 (0.54)
    thor (0.19.1)
    thread_safe (0.3.5)
    tilt (2.0.2)
    turbolinks (5.0.0.beta2)
      turbolinks-source
    turbolinks-source (5.0.0.beta4)
    typhoeus (1.0.2)
      ethon (>= 0.9.0)
    tzinfo (1.2.2)
      thread_safe (~> 0.1)
    uglifier (3.0.0)
      execjs (>= 0.3.0, < 3)
    video_info (2.6.0)
      addressable (~> 2.3)
      htmlentities (~> 4.3)
      iso8601 (~> 0.9)
      multi_json (~> 1.11)
      net_http_timeout_errors (~> 0.3.0)
      oga (~> 2.2)
      open_uri_redirections (~> 0.2)
    warden (1.2.6)
      rack (>= 1.0)
    web-console (3.1.1)
      activemodel (>= 4.2)
      debug_inspector
      railties (>= 4.2)
    websocket-driver (0.6.3)
      websocket-extensions (>= 0.1.0)
    websocket-extensions (0.1.2)
    will_paginate (3.1.0)

PLATFORMS
  ruby

DEPENDENCIES
  acts_as_votable (~> 0.10.0)
  autoprefixer-rails
  bcrypt (~> 3.1.7)
  bootstrap-sass (~> 3.3.6)
  byebug
  coffee-rails (~> 4.1.0)
  devise (~> 4.0.0.rc2)
  faker (~> 1.6, >= 1.6.3)
  font-awesome-rails
  gemoji
  high_voltage
  jbuilder (~> 2.0)
  jquery-rails
  link_thumbnailer
  listen (~> 3.0.5)
  mongoid!
  puma
  rails (= 5.0.0.beta3, < 5.1)
  rails-i18n!
  rails_12factor (= 0.0.2)
  record_tag_helper (~> 1.0)
  sass-rails (~> 5.0)
  simple_form (~> 3.2, >= 3.2.1)
  simple_hashtag
  spring
  spring-watcher-listen (~> 2.0.0)
  sqlite3 (~> 1.3.11)
  statistics2
  turbolinks (~> 5.x)
  tzinfo-data
  uglifier (>= 1.3.0)
  web-console (~> 3.0)
  will_paginate (~> 3.1.0)
  will_paginate-bootstrap!

BUNDLED WITH
   1.12.1
